GEM
  remote: https://rubygems.org/
  specs:
    coderay (1.1.3)
    method_source (1.0.0)
    pry (0.14.0)
      coderay (~> 1.1)
      method_source (~> 1.0)
    require_all (3.0.0)

PLATFORMS
  x86_64-darwin-19

DEPENDENCIES
  pry
  require_all

BUNDLED WITH
   2.2.6
